PATH
  remote: .
  specs:
    simplecov-json-formatter (0.1.1)
      json
      simplecov (~> 0.18, >= 0.18.0)

GEM
  remote: https://rubygems.org/
  specs:
    byebug (11.1.3)
    docile (1.3.2)
    json (2.3.1)
    power_assert (1.1.3)
    rake (13.0.1)
    simplecov (0.19.0)
      docile (~> 1.1)
      simplecov-html (~> 0.11)
    simplecov-html (0.12.2)
    test-unit (3.2.9)
      power_assert

PLATFORMS
  ruby

DEPENDENCIES
  byebug
  rake
  simplecov-json-formatter!
  test-unit

BUNDLED WITH
   2.0.1
